GEM
  remote: https://rubygems.org/
  remote: http://gems.rubyforge.org/
  remote: http://gemcutter.org/
  remote: http://gems.github.com/
  specs:
    bio (1.4.3.0001)
    test-unit (2.5.5)

PLATFORMS
  ruby

DEPENDENCIES
  bio
  test-unit
